GIT
  remote: https://github.com/Dan2552/mrbrspec
  revision: cfccececfb5e1df61b4fadf15bbed225140f0a87
  specs:
    mrbrspec (0.1.0)

GIT
  remote: https://github.com/Dan2552/mundler
  revision: 1316ec2c9545408b51e67b7c95d261c587a2787c
  tag: 0.7.0
  specs:
    mundler (0.7.0)
      rake
      thor

PATH
  remote: .
  specs:
    user_interface (0.1.0)

GEM
  remote: https://rubygems.org/
  specs:
    diff-lcs (1.4.4)
    rake (13.0.6)
    rspec (3.10.0)
      rspec-core (~> 3.10.0)
      rspec-expectations (~> 3.10.0)
      rspec-mocks (~> 3.10.0)
    rspec-core (3.10.1)
      rspec-support (~> 3.10.0)
    rspec-expectations (3.10.1)
      diff-lcs (>= 1.2.0, < 2.0)
      rspec-support (~> 3.10.0)
    rspec-mocks (3.10.2)
      diff-lcs (>= 1.2.0, < 2.0)
      rspec-support (~> 3.10.0)
    rspec-support (3.10.2)
    thor (1.1.0)

PLATFORMS
  -darwin-20
  arm64-darwin-20

DEPENDENCIES
  mrbrspec!
  mundler!
  rspec
  user_interface!

BUNDLED WITH
   2.2.24
